GEM
  remote: https://rubygems.org/
  specs:
    actioncable (6.1.7)
      actionpack (= 6.1.7)
      activesupport (= 6.1.7)
      nio4r (~> 2.0)
      websocket-driver (>= 0.6.1)
    actionmailbox (6.1.7)
      actionpack (= 6.1.7)
      activejob (= 6.1.7)
      activerecord (= 6.1.7)
      activestorage (= 6.1.7)
      activesupport (= 6.1.7)
      mail (>= 2.7.1)
    actionmailer (6.1.7)
      actionpack (= 6.1.7)
      actionview (= 6.1.7)
      activejob (= 6.1.7)
      activesupport (= 6.1.7)
      mail (~> 2.5, >= 2.5.4)
      rails-dom-testing (~> 2.0)
    actionpack (6.1.7)
      actionview (= 6.1.7)
      activesupport (= 6.1.7)
      rack (~> 2.0, >= 2.0.9)
      rack-test (>= 0.6.3)
      rails-dom-testing (~> 2.0)
      rails-html-sanitizer (~> 1.0, >= 1.2.0)
    actiontext (6.1.7)
      actionpack (= 6.1.7)
      activerecord (= 6.1.7)
      activestorage (= 6.1.7)
      activesupport (= 6.1.7)
      nokogiri (>= 1.8.5)
    actionview (6.1.7)
      activesupport (= 6.1.7)
      builder (~> 3.1)
      erubi (~> 1.4)
      rails-dom-testing (~> 2.0)
      rails-html-sanitizer (~> 1.1, >= 1.2.0)
    activejob (6.1.7)
      activesupport (= 6.1.7)
      globalid (>= 0.3.6)
    activemodel (6.1.7)
      activesupport (= 6.1.7)
    activerecord (6.1.7)
      activemodel (= 6.1.7)
      activesupport (= 6.1.7)
    activerecord-import (1.4.0)
      activerecord (>= 4.2)
    activestorage (6.1.7)
      actionpack (= 6.1.7)
      activejob (= 6.1.7)
      activerecord (= 6.1.7)
      activesupport (= 6.1.7)
      marcel (~> 1.0)
      mini_mime (>= 1.1.0)
    activesupport (6.1.7)
      concurrent-ruby (~> 1.0, >= 1.0.2)
      i18n (>= 1.6, < 2)
      minitest (>= 5.1)
      tzinfo (~> 2.0)
      zeitwerk (~> 2.3)
    addressable (2.8.1)
      public_suffix (>= 2.0.2, < 6.0)
    archive-zip (0.12.0)
      io-like (~> 0.3.0)
    ast (2.4.2)
    bindex (0.8.1)
    bootsnap (1.13.0)
      msgpack (~> 1.2)
    brakeman (5.3.1)
    builder (3.2.4)
    bullet (7.0.3)
      activesupport (>= 3.0.0)
      uniform_notifier (~> 1.11)
    bundler-audit (0.9.1)
      bundler (>= 1.2.0, < 3)
      thor (~> 1.0)
    byebug (11.1.3)
    capybara (3.37.1)
      addressable
      matrix
      mini_mime (>= 0.1.3)
      nokogiri (~> 1.8)
      rack (>= 1.6.0)
      rack-test (>= 0.6.3)
      regexp_parser (>= 1.5, < 3.0)
      xpath (~> 3.2)
    childprocess (4.1.0)
    chromedriver-helper (2.1.1)
      archive-zip (~> 0.10)
      nokogiri (~> 1.8)
    coderay (1.1.3)
    coffee-rails (4.2.2)
      coffee-script (>= 2.2.0)
      railties (>= 4.0.0)
    coffee-script (2.4.1)
      coffee-script-source
      execjs
    coffee-script-source (1.12.2)
    concurrent-ruby (1.1.10)
    crass (1.0.6)
    diff-lcs (1.5.0)
    erubi (1.11.0)
    execjs (2.8.1)
    factory_bot (6.2.1)
      activesupport (>= 5.0.0)
    factory_bot_rails (6.2.0)
      factory_bot (~> 6.2.0)
      railties (>= 5.0.0)
    faker (2.23.0)
      i18n (>= 1.8.11, < 2)
    ffi (1.15.5)
    globalid (1.0.0)
      activesupport (>= 5.0)
    i18n (1.12.0)
      concurrent-ruby (~> 1.0)
    io-like (0.3.1)
    jbuilder (2.11.5)
      actionview (>= 5.0.0)
      activesupport (>= 5.0.0)
    json (2.6.2)
    kaminari (1.2.2)
      activesupport (>= 4.1.0)
      kaminari-actionview (= 1.2.2)
      kaminari-activerecord (= 1.2.2)
      kaminari-core (= 1.2.2)
    kaminari-actionview (1.2.2)
      actionview
      kaminari-core (= 1.2.2)
    kaminari-activerecord (1.2.2)
      activerecord
      kaminari-core (= 1.2.2)
    kaminari-core (1.2.2)
    listen (3.7.1)
      rb-fsevent (~> 0.10, >= 0.10.3)
      rb-inotify (~> 0.9, >= 0.9.10)
    loofah (2.19.0)
      crass (~> 1.0.2)
      nokogiri (>= 1.5.9)
    mail (2.7.1)
      mini_mime (>= 0.1.1)
    marcel (1.0.2)
    matrix (0.4.2)
    method_source (1.0.0)
    mini_mime (1.1.2)
    mini_portile2 (2.8.0)
    minitest (5.16.3)
    msgpack (1.6.0)
    mysql2 (0.5.4)
    nio4r (2.5.8)
    nokogiri (1.13.8)
      mini_portile2 (~> 2.8.0)
      racc (~> 1.4)
    nokogiri (1.13.8-x86_64-linux)
      racc (~> 1.4)
    parallel (1.22.1)
    parser (3.1.2.1)
      ast (~> 2.4.1)
    pry (0.14.1)
      coderay (~> 1.1)
      method_source (~> 1.0)
    pry-byebug (3.10.1)
      byebug (~> 11.0)
      pry (>= 0.13, < 0.15)
    public_suffix (5.0.0)
    puma (4.3.12)
      nio4r (~> 2.0)
    racc (1.6.0)
    rack (2.2.4)
    rack-mini-profiler (3.0.0)
      rack (>= 1.2.0)
    rack-test (2.0.2)
      rack (>= 1.3)
    rails (6.1.7)
      actioncable (= 6.1.7)
      actionmailbox (= 6.1.7)
      actionmailer (= 6.1.7)
      actionpack (= 6.1.7)
      actiontext (= 6.1.7)
      actionview (= 6.1.7)
      activejob (= 6.1.7)
      activemodel (= 6.1.7)
      activerecord (= 6.1.7)
      activestorage (= 6.1.7)
      activesupport (= 6.1.7)
      bundler (>= 1.15.0)
      railties (= 6.1.7)
      sprockets-rails (>= 2.0.0)
    rails-controller-testing (1.0.5)
      actionpack (>= 5.0.1.rc1)
      actionview (>= 5.0.1.rc1)
      activesupport (>= 5.0.1.rc1)
    rails-dom-testing (2.0.3)
      activesupport (>= 4.2.0)
      nokogiri (>= 1.6)
    rails-html-sanitizer (1.4.3)
      loofah (~> 2.3)
    railties (6.1.7)
      actionpack (= 6.1.7)
      activesupport (= 6.1.7)
      method_source
      rake (>= 12.2)
      thor (~> 1.0)
    rainbow (3.1.1)
    rake (13.0.6)
    rb-fsevent (0.11.2)
    rb-inotify (0.10.1)
      ffi (~> 1.0)
    regexp_parser (2.6.0)
    rexml (3.2.5)
    rspec (3.11.0)
      rspec-core (~> 3.11.0)
      rspec-expectations (~> 3.11.0)
      rspec-mocks (~> 3.11.0)
    rspec-core (3.11.0)
      rspec-support (~> 3.11.0)
    rspec-expectations (3.11.1)
      diff-lcs (>= 1.2.0, < 2.0)
      rspec-support (~> 3.11.0)
    rspec-mocks (3.11.1)
      diff-lcs (>= 1.2.0, < 2.0)
      rspec-support (~> 3.11.0)
    rspec-rails (5.1.2)
      actionpack (>= 5.2)
      activesupport (>= 5.2)
      railties (>= 5.2)
      rspec-core (~> 3.10)
      rspec-expectations (~> 3.10)
      rspec-mocks (~> 3.10)
      rspec-support (~> 3.10)
    rspec-support (3.11.1)
    rubocop (1.36.0)
      json (~> 2.3)
      parallel (~> 1.10)
      parser (>= 3.1.2.1)
      rainbow (>= 2.2.2, < 4.0)
      regexp_parser (>= 1.8, < 3.0)
      rexml (>= 3.2.5, < 4.0)
      rubocop-ast (>= 1.20.1, < 2.0)
      ruby-progressbar (~> 1.7)
      unicode-display_width (>= 1.4.0, < 3.0)
    rubocop-ast (1.21.0)
      parser (>= 3.1.1.0)
    rubocop-rails (2.16.1)
      activesupport (>= 4.2.0)
      rack (>= 1.1)
      rubocop (>= 1.33.0, < 2.0)
    ruby-progressbar (1.11.0)
    rubyzip (2.3.2)
    selenium-webdriver (4.5.0)
      childprocess (>= 0.5, < 5.0)
      rexml (~> 3.2, >= 3.2.5)
      rubyzip (>= 1.2.2, < 3.0)
      websocket (~> 1.0)
    spring (4.1.0)
    sprockets (4.1.1)
      concurrent-ruby (~> 1.0)
      rack (> 1, < 3)
    sprockets-rails (3.4.2)
      actionpack (>= 5.2)
      activesupport (>= 5.2)
      sprockets (>= 3.0.0)
    thor (1.2.1)
    turbolinks (5.2.1)
      turbolinks-source (~> 5.2)
    turbolinks-source (5.2.0)
    tzinfo (2.0.5)
      concurrent-ruby (~> 1.0)
    uglifier (4.2.0)
      execjs (>= 0.3.0, < 3)
    unicode-display_width (2.3.0)
    uniform_notifier (1.16.0)
    web-console (4.2.0)
      actionview (>= 6.0.0)
      activemodel (>= 6.0.0)
      bindex (>= 0.4.0)
      railties (>= 6.0.0)
    websocket (1.2.9)
    websocket-driver (0.7.5)
      websocket-extensions (>= 0.1.0)
    websocket-extensions (0.1.5)
    xpath (3.2.0)
      nokogiri (~> 1.8)
    zeitwerk (2.6.0)

PLATFORMS
  ruby
  x86_64-linux

DEPENDENCIES
  activerecord-import
  bootsnap
  brakeman
  bullet
  bundler-audit
  byebug
  capybara (>= 2.15)
  chromedriver-helper
  coffee-rails (~> 4.2)
  factory_bot_rails
  faker
  jbuilder
  json
  kaminari
  listen
  mysql2
  pry-byebug
  puma (~> 4.3)
  rack-mini-profiler
  rails (~> 6.1.0)
  rails-controller-testing
  rspec
  rspec-rails
  rubocop-rails
  selenium-webdriver
  spring
  turbolinks (~> 5)
  uglifier (>= 1.3.0)
  web-console

RUBY VERSION
   ruby 2.7.6p219

BUNDLED WITH
   2.3.15
